GEM
  remote: https://rubygems.org/
  specs:
    webrick (1.8.1)

PLATFORMS
  arm64-darwin-22

DEPENDENCIES
  webrick

BUNDLED WITH
   2.4.10
